GEM
  remote: https://rubygems.org/
  specs:
    ghost (1.0.0.pre)
      unindent (= 1.0)
    rack (1.4.1)
    rack-protection (1.2.0)
      rack
    sinatra (1.3.3)
      rack (~> 1.3, >= 1.3.6)
      rack-protection (~> 1.2)
      tilt (~> 1.3, >= 1.3.3)
    tilt (1.3.3)
    unindent (1.0)

PLATFORMS
  ruby

DEPENDENCIES
  ghost (~> 1.0.0.pre)
  sinatra
